GEM
  remote: https://rubygems.org/
  specs:
    adsf (1.2.0)
      rack (>= 1.0.0)
    colored (1.2)
    cri (2.7.0)
      colored (~> 1.2)
    kramdown (1.8.0)
    nanoc (4.0.0rc2)
      cri (~> 2.3)
    rack (1.6.4)

PLATFORMS
  ruby

DEPENDENCIES
  adsf
  kramdown
  nanoc (~> 4.0.0rc2)

BUNDLED WITH
   1.10.6
